GEM
  remote: https://rubygems.org/
  specs:
    byebug (11.1.3)
    csv (3.3.3)
    rake (13.2.1)
    ruby2d (0.12.1)

PLATFORMS
  ruby
  x86_64-linux

DEPENDENCIES
  byebug
  csv
  rake
  ruby2d

BUNDLED WITH
   2.5.10
